GEM
  remote: https://rubygems.org/
  specs:
    actionmailer (3.2.1)
      actionpack (= 3.2.1)
      mail (~> 2.4.0)
    actionpack (3.2.1)
      activemodel (= 3.2.1)
      activesupport (= 3.2.1)
      builder (~> 3.0.0)
      erubis (~> 2.7.0)
      journey (~> 1.0.1)
      rack (~> 1.4.0)
      rack-cache (~> 1.1)
      rack-test (~> 0.6.1)
      sprockets (~> 2.1.2)
    activeadmin (0.5.1)
      arbre (>= 1.0.1)
      bourbon (>= 1.0.0)
      devise (>= 1.1.2)
      fastercsv
      formtastic (>= 2.0.0)
      inherited_resources (>= 1.3.1)
      jquery-rails (>= 1.0.0)
      kaminari (>= 0.13.0)
      meta_search (>= 0.9.2)
      rails (>= 3.0.0)
      sass (>= 3.1.0)
    activemodel (3.2.1)
      activesupport (= 3.2.1)
      builder (~> 3.0.0)
    activerecord (3.2.1)
      activemodel (= 3.2.1)
      activesupport (= 3.2.1)
      arel (~> 3.0.0)
      tzinfo (~> 0.3.29)
    activerecord-jdbc-adapter (1.2.2.1)
    activerecord-jdbcsqlite3-adapter (1.2.2.1)
      activerecord-jdbc-adapter (~> 1.2.2.1)
      jdbc-sqlite3 (~> 3.7.2)
    activeresource (3.2.1)
      activemodel (= 3.2.1)
      activesupport (= 3.2.1)
    activesupport (3.2.1)
      i18n (~> 0.6)
      multi_json (~> 1.0)
    arbre (1.0.1)
      activesupport (>= 3.0.0)
    arel (3.0.2)
    backbone-support (0.3.0)
    bcrypt-ruby (3.0.1-java)
    blankslate (2.1.2.4)
    bootstrap-sass (2.2.1.1)
      sass (~> 3.2)
    bouncy-castle-java (1.5.0146.1)
    bourbon (3.0.1)
      sass (>= 3.2.0)
      thor
    builder (3.0.4)
    carrierwave (0.7.1)
      activemodel (>= 3.2.0)
      activesupport (>= 3.2.0)
    clj (0.0.5.6)
    coffee-rails (3.2.2)
      coffee-script (>= 2.2.0)
      railties (~> 3.2.0)
    coffee-script (2.2.0)
      coffee-script-source
      execjs
    coffee-script-source (1.4.0)
    columnize (0.3.6)
    devise (2.1.2)
      bcrypt-ruby (~> 3.0)
      orm_adapter (~> 0.1)
      railties (~> 3.1)
      warden (~> 1.2.1)
    ejs (1.1.1)
    erubis (2.7.0)
    execjs (1.4.0)
      multi_json (~> 1.0)
    fastercsv (1.5.5)
    formtastic (2.2.1)
      actionpack (>= 3.0)
    haml (3.1.7)
    haml-rails (0.3.5)
      actionpack (>= 3.1, < 4.1)
      activesupport (>= 3.1, < 4.1)
      haml (~> 3.1)
      railties (>= 3.1, < 4.1)
    has_scope (0.5.1)
    hike (1.2.1)
    i18n (0.6.1)
    inherited_resources (1.3.1)
      has_scope (~> 0.5.0)
      responders (~> 0.6)
    jdbc-sqlite3 (3.7.2)
    journey (1.0.4)
    jquery-rails (2.1.4)
      railties (>= 3.0, < 5.0)
      thor (>= 0.14, < 2.0)
    jruby-openssl (0.7.7)
      bouncy-castle-java (>= 1.5.0146.1)
    json (1.7.5-java)
    kaminari (0.14.1)
      actionpack (>= 3.0.0)
      activesupport (>= 3.0.0)
    mail (2.4.4)
      i18n (>= 0.4.0)
      mime-types (~> 1.16)
      treetop (~> 1.4.8)
    meta_search (1.1.3)
      actionpack (~> 3.1)
      activerecord (~> 3.1)
      activesupport (~> 3.1)
      polyamorous (~> 0.5.0)
    mime-types (1.19)
    mini_magick (3.4)
      subexec (~> 0.2.1)
    multi_json (1.5.0)
    orm_adapter (0.4.0)
    polyamorous (0.5.0)
      activerecord (~> 3.0)
    polyglot (0.3.3)
    puma (1.6.3-java)
      rack (~> 1.2)
    rack (1.4.1)
    rack-cache (1.2)
      rack (>= 0.4)
    rack-ssl (1.3.2)
      rack
    rack-test (0.6.2)
      rack (>= 1.0)
    rails (3.2.1)
      actionmailer (= 3.2.1)
      actionpack (= 3.2.1)
      activerecord (= 3.2.1)
      activeresource (= 3.2.1)
      activesupport (= 3.2.1)
      bundler (~> 1.0)
      railties (= 3.2.1)
    rails-backbone (0.8.0)
      coffee-script (~> 2.2.0)
      ejs (~> 1.1.1)
      jquery-rails (~> 2.1.3)
      railties (>= 3.1.0)
    railties (3.2.1)
      actionpack (= 3.2.1)
      activesupport (= 3.2.1)
      rack-ssl (~> 1.3.2)
      rake (>= 0.8.7)
      rdoc (~> 3.4)
      thor (~> 0.14.6)
    rake (0.9.5)
    rdoc (3.12)
      json (~> 1.4)
    responders (0.9.3)
      railties (~> 3.1)
    ruby-debug (0.10.4)
      columnize (>= 0.1)
      ruby-debug-base (~> 0.10.4.0)
    ruby-debug-base (0.10.4-java)
    sass (3.2.3)
    sass-rails (3.2.5)
      railties (~> 3.2.0)
      sass (>= 3.1.10)
      tilt (~> 1.3)
    sprockets (2.1.3)
      hike (~> 1.2)
      rack (~> 1.0)
      tilt (~> 1.1, != 1.3.0)
    subexec (0.2.2)
    therubyrhino (2.0.2)
      therubyrhino_jar (>= 1.7.3)
    therubyrhino_jar (1.7.4)
    thor (0.14.6)
    tilt (1.3.3)
    torquebox (2.1.2)
      thor (>= 0.14.6)
      torquebox-cache (= 2.1.2)
      torquebox-configure (= 2.1.2)
      torquebox-core (= 2.1.2)
      torquebox-messaging (= 2.1.2)
      torquebox-naming (= 2.1.2)
      torquebox-rake-support (= 2.1.2)
      torquebox-security (= 2.1.2)
      torquebox-stomp (= 2.1.2)
      torquebox-transactions (= 2.1.2)
      torquebox-web (= 2.1.2)
    torquebox-cache (2.1.2-java)
      torquebox-core (= 2.1.2)
      torquebox-transactions (= 2.1.2)
    torquebox-configure (2.1.2-java)
      blankslate (= 2.1.2.4)
    torquebox-core (2.1.2-java)
    torquebox-messaging (2.1.2-java)
      clj (= 0.0.5.6)
      torquebox-core (= 2.1.2)
      torquebox-transactions (= 2.1.2)
    torquebox-naming (2.1.2-java)
    torquebox-rake-support (2.1.2)
      rake (>= 0.8.7, < 1.0.0)
    torquebox-security (2.1.2-java)
      torquebox-core (= 2.1.2)
    torquebox-stomp (2.1.2)
      torquebox-core (= 2.1.2)
      torquebox-messaging (= 2.1.2)
    torquebox-transactions (2.1.2)
      torquebox-core (= 2.1.2)
    torquebox-web (2.1.2-java)
    treetop (1.4.12)
      polyglot
      polyglot (>= 0.3.1)
    tzinfo (0.3.35)
    uglifier (1.3.0)
      execjs (>= 0.3.0)
      multi_json (~> 1.0, >= 1.0.2)
    warden (1.2.1)
      rack (>= 1.0)

PLATFORMS
  java

DEPENDENCIES
  activeadmin (= 0.5.1)
  activerecord-jdbcsqlite3-adapter
  backbone-support (>= 0.2.0)
  bootstrap-sass (~> 2.2.1.1)
  carrierwave (= 0.7.1)
  coffee-rails (~> 3.2.1)
  haml
  haml-rails (>= 0.3.4)
  jquery-rails
  jruby-openssl (= 0.7.7)
  meta_search (= 1.1.3)
  mini_magick (= 3.4)
  puma
  rails (= 3.2.1)
  rails-backbone (>= 0.5.3)
  ruby-debug
  ruby-debug-base
  sass-rails (~> 3.2.3)
  therubyrhino
  torquebox (= 2.1.2)
  torquebox-rake-support (= 2.1.2)
  uglifier (>= 1.0.3)
